GEM
  remote: https://rubygems.org/
  specs:
    bigdecimal (1.2.5)
    builder (3.2.2)
    bundler-unload (1.0.2)
    colored (1.2)
    cri (2.6.1)
      colored (~> 1.2)
    execjs (2.2.2)
    jsmin (1.0.1)
    json (1.8.1)
    kramdown (1.5.0)
    libv8 (3.16.14.7)
    mini_portile (0.6.1)
    nanoc (3.7.4)
      cri (~> 2.3)
    nanoc-cachebuster (0.3.1)
      nanoc (>= 3.3.0)
    nanoc-gzip-filter (0.0.1)
      nanoc (>= 3.4.0)
    nanoc-toolbox (0.2.1)
      jsmin (~> 1.0)
      nanoc (~> 3.7)
      nokogiri (~> 1.6)
    nokogiri (1.6.5)
      mini_portile (~> 0.6.0)
    rainpress (1.0)
    ref (1.0.5)
    sass (3.4.9)
    slim (2.1.0)
      temple (~> 0.6.9)
      tilt (>= 1.3.3, < 2.1)
    temple (0.6.10)
    therubyracer (0.12.1)
      libv8 (~> 3.16.14.0)
      ref
    tilt (2.0.1)
    uglifier (2.5.3)
      execjs (>= 0.3.0)
      json (>= 1.8.0)
    w3c_validators (1.2)
      json
      nokogiri
    yuicompressor (1.3.3)

PLATFORMS
  ruby

DEPENDENCIES
  bigdecimal
  builder
  bundler-unload
  colored
  cri
  execjs
  kramdown
  nanoc
  nanoc-cachebuster
  nanoc-gzip-filter
  nanoc-toolbox
  nokogiri
  rainpress
  sass
  slim
  therubyracer
  uglifier
  w3c_validators
  yuicompressor
