GEM
  remote: https://rubygems.org/
  specs:
    bigdecimal (1.3.0)
    builder (3.2.3)
    bundler-unload (1.0.2)
    colored (1.2)
    concurrent-ruby (1.0.4)
    cri (2.7.1)
      colored (~> 1.2)
    ddplugin (1.0.0)
    execjs (2.7.0)
    hamster (3.0.0)
      concurrent-ruby (~> 1.0)
    json (2.0.3)
    kramdown (1.13.2)
    libv8 (3.16.14.17)
    mini_portile2 (2.1.0)
    nanoc (4.5.4)
      cri (~> 2.3)
      ddplugin (~> 1.0)
      hamster (~> 3.0)
      ref (~> 2.0)
    nokogiri (1.7.0.1)
      mini_portile2 (~> 2.1.0)
    rainpress (1.0)
    ref (2.0.0)
    sass (3.4.23)
    slim (3.0.7)
      temple (~> 0.7.6)
      tilt (>= 1.3.3, < 2.1)
    temple (0.7.7)
    therubyracer (0.12.3)
      libv8 (~> 3.16.14.15)
      ref
    tilt (2.0.5)
    uglifier (3.0.4)
      execjs (>= 0.3.0, < 3)
    w3c_validators (1.3.1)
      json (~> 2.0)
      nokogiri (~> 1.6)
    yuicompressor (1.3.3)

PLATFORMS
  ruby

DEPENDENCIES
  bigdecimal
  builder
  bundler-unload
  colored
  cri
  execjs
  kramdown
  nanoc
  nokogiri
  rainpress
  sass
  slim
  therubyracer
  uglifier
  w3c_validators
  yuicompressor

RUBY VERSION
   ruby 2.3.1p112

BUNDLED WITH
   1.13.6
