GEM
  remote: https://rubygems.org/
  specs:
    allison (2.0.3)
    bigdecimal (1.2.7)
    builder (3.2.2)
    bundler-unload (1.0.2)
    colored (1.2)
    cri (2.6.1)
      colored (~> 1.2)
    echoe (4.6.6)
      allison (>= 2.0.3)
      rake (>= 0.9.2)
      rdoc (>= 2.5.11)
      rubyforge (>= 2.0.4)
    execjs (2.4.0)
    jsmin (1.0.1)
    json (1.8.2)
    json_pure (1.8.2)
    kramdown (1.6.0)
    libv8 (3.16.14.7)
    mini_portile (0.6.2)
    nanoc (3.7.5)
      cri (~> 2.3)
    nanoc-cachebuster (0.3.1)
      nanoc (>= 3.3.0)
    nanoc-gzip-filter (0.0.1)
      nanoc (>= 3.4.0)
    nanoc-toolbox (0.2.1)
      jsmin (~> 1.0)
      nanoc (~> 3.7)
      nokogiri (~> 1.6)
    nokogiri (1.6.6.2)
      mini_portile (~> 0.6.0)
    rainpress (1.0)
      echoe
    rake (10.4.2)
    rdoc (4.2.0)
    ref (1.0.5)
    rubyforge (2.0.4)
      json_pure (>= 1.1.7)
    sass (3.4.13)
    slim (3.0.3)
      temple (~> 0.7.3)
      tilt (>= 1.3.3, < 2.1)
    temple (0.7.5)
    therubyracer (0.12.1)
      libv8 (~> 3.16.14.0)
      ref
    tilt (2.0.1)
    uglifier (2.7.1)
      execjs (>= 0.3.0)
      json (>= 1.8.0)
    w3c_validators (1.2)
      json
      nokogiri
    yuicompressor (1.3.3)

PLATFORMS
  ruby

DEPENDENCIES
  bigdecimal
  builder
  bundler-unload
  colored
  cri
  execjs
  kramdown
  nanoc
  nanoc-cachebuster
  nanoc-gzip-filter
  nanoc-toolbox
  nokogiri
  rainpress
  sass
  slim
  therubyracer
  uglifier
  w3c_validators
  yuicompressor
