GEM
  remote: https://rubygems.org/
  specs:
    addressable (2.5.2)
      public_suffix (>= 2.0.2, < 4.0)
    bigdecimal (1.3.4)
    builder (3.2.3)
    bundler-unload (1.0.2)
    colored (1.2)
    concurrent-ruby (1.0.5)
    cri (2.10.1)
      colored (~> 1.2)
    ddmemoize (1.0.0)
      ddmetrics (~> 1.0)
      ref (~> 2.0)
    ddmetrics (1.0.0)
    ddplugin (1.0.2)
    execjs (2.7.0)
    ffi (1.9.23)
    hamster (3.0.0)
      concurrent-ruby (~> 1.0)
    json (2.1.0)
    kramdown (1.16.2)
    libv8 (3.16.14.19)
    mini_portile2 (2.6.1)
    nanoc (4.9.2)
      addressable (~> 2.5)
      cri (~> 2.8)
      ddmemoize (~> 1.0)
      ddmetrics (~> 1.0)
      ddplugin (~> 1.0)
      hamster (~> 3.0)
      parallel (~> 1.12)
      ref (~> 2.0)
      slow_enumerator_tools (~> 1.0)
      tomlrb (~> 1.2)
    nokogiri (1.12.5)
      mini_portile2 (~> 2.6.1)
      racc (~> 1.4)
    parallel (1.12.1)
    public_suffix (3.0.2)
    racc (1.5.2)
    rainpress (1.0.1)
    rb-fsevent (0.10.3)
    rb-inotify (0.9.10)
      ffi (>= 0.5.0, < 2)
    ref (2.0.0)
    sass (3.5.6)
      sass-listen (~> 4.0.0)
    sass-listen (4.0.0)
      rb-fsevent (~> 0.9, >= 0.9.4)
      rb-inotify (~> 0.9, >= 0.9.7)
    slim (3.0.9)
      temple (>= 0.7.6, < 0.9)
      tilt (>= 1.3.3, < 2.1)
    slow_enumerator_tools (1.1.0)
    temple (0.8.0)
    therubyracer (0.12.3)
      libv8 (~> 3.16.14.15)
      ref
    tilt (2.0.8)
    tomlrb (1.2.6)
    uglifier (4.1.10)
      execjs (>= 0.3.0, < 3)
    w3c_validators (1.3.3)
      json (>= 1.8)
      nokogiri (~> 1.6)
    yuicompressor (1.3.3)

PLATFORMS
  ruby

DEPENDENCIES
  bigdecimal
  builder
  bundler-unload
  colored
  cri
  execjs
  kramdown
  nanoc
  nokogiri
  rainpress
  sass
  slim
  therubyracer
  uglifier
  w3c_validators
  yuicompressor

RUBY VERSION
   ruby 2.5.1p57

BUNDLED WITH
   1.13.7
